GEM
  remote: https://rubygems.org/
  specs:
    bcrypt (3.1.7)
    beefcake (0.3.7)
    builder (3.2.2)
    daemons (1.1.9)
    eventmachine (1.0.3)
    i18n (0.6.11)
    json (1.8.1)
    multi_json (1.10.1)
    rack (1.5.2)
    rack-protection (1.5.3)
      rack
    require_all (1.3.2)
    riak-client (1.0.5)
      beefcake (~> 0.3.7)
      builder (>= 2.1.2)
      i18n (>= 0.4.0)
      multi_json (~> 1.0)
    sinatra (1.4.5)
      rack (~> 1.4)
      rack-protection (~> 1.4)
      tilt (~> 1.3, >= 1.3.4)
    thin (1.6.2)
      daemons (>= 1.0.9)
      eventmachine (>= 1.0.0)
      rack (>= 1.0.0)
    tilt (1.4.1)

PLATFORMS
  ruby

DEPENDENCIES
  bcrypt
  json
  require_all
  riak-client (~> 1.0.3)
  sinatra
  thin
